PATH
  remote: .
  specs:
    demo-app (0.1.0)
      bundler (= 2.6.3)
      mysql2 (~> 0.5)
      rake (~> 13.0)

GEM
  remote: https://rubygems.org/
  specs:
    minitest (5.25.4)
    mysql2 (0.5.6)
    rake (13.2.1)

PLATFORMS
  arm64-linux
  darwin
  ruby
  x86_64-linux

DEPENDENCIES
  demo-app!
  minitest (~> 5.16)

BUNDLED WITH
   2.6.3
