PATH
  remote: .
  specs:
    ruby-app (0.1.0)
      mysql2 (~> 0.5)

GEM
  remote: https://rubygems.org/
  specs:
    minitest (5.25.4)
    mysql2 (0.5.6)
    rake (13.2.1)

PLATFORMS
  ruby
  x86_64-linux

DEPENDENCIES
  minitest (~> 5.16)
  rake (~> 13.0)
  ruby-app!

BUNDLED WITH
   2.6.2
